PATH
  remote: .
  specs:
    ruby_helm (0.1.2)
      lino (~> 1.1)

GEM
  remote: https://rubygems.org/
  specs:
    concurrent-ruby (1.1.6)
    diff-lcs (1.3)
    gem-release (2.1.1)
    hamster (3.0.0)
      concurrent-ruby (~> 1.0)
    lino (1.3.0)
      hamster (~> 3.0)
      open4 (~> 1.3)
    open4 (1.3.4)
    rake (10.5.0)
    rspec (3.9.0)
      rspec-core (~> 3.9.0)
      rspec-expectations (~> 3.9.0)
      rspec-mocks (~> 3.9.0)
    rspec-core (3.9.2)
      rspec-support (~> 3.9.3)
    rspec-expectations (3.9.2)
      diff-lcs (>= 1.2.0, < 2.0)
      rspec-support (~> 3.9.0)
    rspec-mocks (3.9.1)
      diff-lcs (>= 1.2.0, < 2.0)
      rspec-support (~> 3.9.0)
    rspec-support (3.9.3)

PLATFORMS
  ruby

DEPENDENCIES
  bundler (~> 1.17)
  gem-release (~> 2.0)
  rake (~> 10.0)
  rspec (~> 3.0)
  ruby_helm!

BUNDLED WITH
   1.17.2
